GEM
  remote: https://rubygems.org/
  specs:
    artii (2.1.1)
    colorize (0.7.7)
    git (1.3.0)
    net-sftp (2.1.2)
      net-ssh (>= 2.6.5)
    net-ssh (3.1.1)

PLATFORMS
  ruby

DEPENDENCIES
  artii
  colorize
  git
  net-sftp
  net-ssh

BUNDLED WITH
   1.13.1
