GEM
  remote: https://rubygems.org/
  specs:
    artii (2.1.1)
    git (1.3.0)
    httparty (0.14.0)
      multi_xml (>= 0.5.2)
    multi_xml (0.6.0)
    net-sftp (2.1.2)
      net-ssh (>= 2.6.5)
    net-ssh (3.1.1)

PLATFORMS
  ruby

DEPENDENCIES
  artii
  git
  httparty
  net-sftp
  net-ssh

BUNDLED WITH
   1.12.5
