GEM
  remote: https://rubygems.org/
  specs:
    artii (2.1.1)
    git (1.3.0)

PLATFORMS
  ruby

DEPENDENCIES
  artii
  git
