GEM
  remote: https://rubygems.org/
  specs:
    artii (2.1.1)
    ffi (1.9.14)
    ffi-pcap (0.2.1)
      ffi (~> 1.0)
      ffi_dry (~> 0.1.12)
    ffi_dry (0.1.12)
      ffi (>= 0.5.0)
    git (1.3.0)
    httparty (0.14.0)
      multi_xml (>= 0.5.2)
    multi_xml (0.6.0)
    net-sftp (2.1.2)
      net-ssh (>= 2.6.5)
    net-ssh (3.1.1)
    pcaprub (0.12.4)

PLATFORMS
  ruby

DEPENDENCIES
  artii
  ffi-pcap
  git
  httparty
  net-sftp
  net-ssh
  pcaprub

BUNDLED WITH
   1.12.5
